GEM
  remote: https://rubygems.org/
  specs:
    backports (3.23.0)
    daru (0.3)
      packable (~> 1.3.13)
    packable (1.3.15)
      backports
    rubytools (0.0.1)

PLATFORMS
  x86_64-linux

DEPENDENCIES
  daru
  rubytools

BUNDLED WITH
   2.3.3
